GEM
  remote: https://rubygems.org/
  specs:
    domain_name (0.5.20180417)
      unf (>= 0.0.5, < 1.0.0)
    foreman (0.85.0)
      thor (~> 0.19.1)
    http-cookie (1.0.3)
      domain_name (~> 0.5)
    json (2.1.0)
    logger (1.2.8)
    mime-types (3.1)
      mime-types-data (~> 3.2015)
    mime-types-data (3.2016.0521)
    mono_logger (1.1.0)
    multi_json (1.13.1)
    mustermann (1.0.2)
    netrc (0.11.0)
    rack (2.0.5)
    rack-protection (2.0.3)
      rack
    redis (4.0.1)
    redis-namespace (1.6.0)
      redis (>= 3.0.4)
    resque (1.27.4)
      mono_logger (~> 1.0)
      multi_json (~> 1.0)
      redis-namespace (~> 1.3)
      sinatra (>= 0.9.2)
      vegas (~> 0.1.2)
    rest-client (2.0.2)
      http-cookie (>= 1.0.2, < 2.0)
      mime-types (>= 1.16, < 4.0)
      netrc (~> 0.8)
    sinatra (2.0.3)
      mustermann (~> 1.0)
      rack (~> 2.0)
      rack-protection (= 2.0.3)
      tilt (~> 2.0)
    thor (0.19.4)
    tilt (2.0.8)
    unf (0.1.4)
      unf_ext
    unf_ext (0.0.7.5)
    vegas (0.1.11)
      rack (>= 1.0.0)

PLATFORMS
  ruby

DEPENDENCIES
  foreman (~> 0.85.0)
  json (~> 2.1)
  logger
  resque (~> 1.27, >= 1.27.4)
  rest-client (~> 2.0, >= 2.0.2)

BUNDLED WITH
   1.16.2
